GEM
  remote: http://rubygems.org/
  specs:
    concurrent-ruby (1.1.5)
    mustermann (1.0.3)
    rack (2.0.7)
    rack-protection (2.0.7)
      rack
    sinatra (2.0.7)
      mustermann (~> 1.0)
      rack (~> 2.0)
      rack-protection (= 2.0.7)
      tilt (~> 2.0)
    tilt (2.0.10)

PLATFORMS
  ruby

DEPENDENCIES
  concurrent-ruby
  sinatra

BUNDLED WITH
   2.0.2
